GEM
  remote: https://rubygems.org/
  specs:
    childprocess (0.9.0)
      ffi (~> 1.0, >= 1.0.11)
    coderay (1.1.2)
    ffi (1.10.0)
    lazy_priority_queue (0.1.1)
    method_source (0.9.2)
    pry (0.12.2)
      coderay (~> 1.1.0)
      method_source (~> 0.9.0)
    regexp_parser (1.3.0)
    rgl (0.5.4)
      lazy_priority_queue (~> 0.1.0)
      stream (~> 0.5.2)
    rubyzip (1.2.2)
    selenium-webdriver (3.141.0)
      childprocess (~> 0.5)
      rubyzip (~> 1.2, >= 1.2.2)
    sequel (5.18.0)
    sqlite3 (1.4.0)
    stream (0.5.2)
    watir (6.16.5)
      regexp_parser (~> 1.2)
      selenium-webdriver (~> 3.6)

PLATFORMS
  ruby

DEPENDENCIES
  pry
  rgl
  sequel
  sqlite3
  watir

BUNDLED WITH
   1.17.2
